GEM
  remote: https://rubygems.org/
  specs:
    coderay (1.1.0)
    method_source (0.8.2)
    power_assert (0.2.2)
    pry (0.10.1)
      coderay (~> 1.1.0)
      method_source (~> 0.8.1)
      slop (~> 3.4)
    rake (10.4.2)
    slop (3.6.0)
    test-unit (3.0.8)
      power_assert
    test-unit-notify (1.0.4)
      test-unit (>= 2.4.9)

PLATFORMS
  ruby

DEPENDENCIES
  pry
  rake
  test-unit
  test-unit-notify
